GIT
  remote: git://github.com/fakestarbaby/ruboty-itc.git
  revision: ef9f9ebb425d636fc80cf75c3634a49079ea1644
  specs:
    ruboty-itc (0.1.0)
      ruboty
      spaceship

GEM
  remote: https://rubygems.org/
  specs:
    activesupport (4.2.4)
      i18n (~> 0.7)
      json (~> 1.7, >= 1.7.7)
      minitest (~> 5.1)
      thread_safe (~> 0.3, >= 0.3.4)
      tzinfo (~> 1.1)
    addressable (2.3.8)
    chrono (0.1.0)
      activesupport
    coderay (1.1.0)
    colored (1.2)
    credentials_manager (0.8.2)
      colored
      highline (>= 1.7.1)
      security
    docomoru (0.1.3)
      activesupport
      faraday
      faraday_middleware
      json
      rack
      slop
    dotenv (2.0.2)
    faraday (0.9.1)
      multipart-post (>= 1.2, < 3)
    faraday_middleware (0.10.0)
      faraday (>= 0.7.4, < 0.10)
    fastimage (1.7.0)
      addressable (~> 2.3, >= 2.3.5)
    highline (1.7.7)
    i18n (0.7.0)
    json (1.8.3)
    mem (0.1.5)
    method_source (0.8.2)
    minitest (5.8.1)
    multi_xml (0.5.5)
    multipart-post (2.0.0)
    plist (3.1.0)
    pry (0.8.3)
      coderay (>= 0.9.7)
      method_source (>= 0.4.0)
      ruby_parser (>= 2.0.5)
      slop (>= 1.5.3)
    rack (1.6.4)
    rake (10.4.2)
    redis (3.2.1)
    redis-namespace (1.5.2)
      redis (~> 3.0, >= 3.0.4)
    ruboty (1.2.2)
      activesupport
      bundler
      dotenv
      mem
      slop
    ruboty-alias (0.0.8)
      ruboty (>= 1.1.1)
    ruboty-cron (1.0.2)
      activesupport
      chrono
      ruboty (>= 0.2.0)
    ruboty-google_image (0.0.7)
      faraday
      faraday_middleware
      ruboty
    ruboty-redis (0.0.6)
      redis
      redis-namespace
      ruboty
    ruboty-slack (0.1.12)
      ruboty (>= 1.0.4)
      xrc (>= 0.1.8)
    ruboty-talk (0.0.5)
      docomoru (>= 0.0.3)
      ruboty (>= 1.1.0)
    ruby_parser (3.7.1)
      sexp_processor (~> 4.1)
    security (0.1.3)
    sexp_processor (4.6.0)
    slop (4.2.0)
    spaceship (0.11.1)
      colored
      credentials_manager (>= 0.8.1)
      faraday (~> 0.9)
      faraday_middleware (~> 0.9)
      fastimage (~> 1.6)
      multi_xml (~> 0.5)
      plist (~> 3.1)
      pry
    thread_safe (0.3.5)
    tzinfo (1.2.2)
      thread_safe (~> 0.1)
    xrc (0.1.8)
      activesupport

PLATFORMS
  ruby

DEPENDENCIES
  rake
  ruboty-alias
  ruboty-cron
  ruboty-google_image
  ruboty-itc!
  ruboty-redis
  ruboty-slack
  ruboty-talk
