GIT
  remote: git://github.com/fakestarbaby/ruboty-itc.git
  revision: 0ee390ab54778aa65fc4d9e5add00557a11d6ae5
  specs:
    ruboty-itc (0.2.0)
      ruboty
      spaceship

GIT
  remote: git://github.com/fakestarbaby/ruboty-jenkins.git
  revision: cf7a1b24db0203aa37dbad25a4d5620b23f65a7e
  specs:
    ruboty-jenkins (0.0.1)
      curb
      ruboty

GIT
  remote: git://github.com/fakestarbaby/ruboty-twitter_search.git
  revision: 11abce3edf38fda2422a7a221f386f4ff7881256
  specs:
    ruboty-twitter_search (0.1.1)
      ruboty
      twitter

GEM
  remote: https://rubygems.org/
  specs:
    activesupport (4.2.5)
      i18n (~> 0.7)
      json (~> 1.7, >= 1.7.7)
      minitest (~> 5.1)
      thread_safe (~> 0.3, >= 0.3.4)
      tzinfo (~> 1.1)
    addressable (2.3.8)
    anego (0.0.1)
      hashie
      rest-client
    buftok (0.2.0)
    chrono (0.2.0)
      activesupport
    coderay (1.1.0)
    colored (1.2)
    credentials_manager (0.12.0)
      colored
      highline (>= 1.7.1)
      security
    curb (0.9.1)
    docomoru (0.1.3)
      activesupport
      faraday
      faraday_middleware
      json
      rack
      slop
    domain_name (0.5.25)
      unf (>= 0.0.5, < 1.0.0)
    dotenv (2.1.0)
    equalizer (0.0.10)
    faraday (0.9.2)
      multipart-post (>= 1.2, < 3)
    faraday-cookie_jar (0.0.6)
      faraday (>= 0.7.4)
      http-cookie (~> 1.0.0)
    faraday_middleware (0.10.0)
      faraday (>= 0.7.4, < 0.10)
    fastimage (1.8.1)
      addressable (~> 2.3, >= 2.3.5)
    gitlab (3.6.1)
      httparty
      terminal-table
    hashie (3.4.3)
    highline (1.7.8)
    http (0.9.8)
      addressable (~> 2.3)
      http-cookie (~> 1.0)
      http-form_data (~> 1.0.1)
      http_parser.rb (~> 0.6.0)
    http-cookie (1.0.2)
      domain_name (~> 0.5)
    http-form_data (1.0.1)
    http_parser.rb (0.6.0)
    httparty (0.13.7)
      json (~> 1.8)
      multi_xml (>= 0.5.2)
    i18n (0.7.0)
    json (1.8.3)
    mem (0.1.5)
    memoizable (0.4.2)
      thread_safe (~> 0.3, >= 0.3.1)
    method_source (0.8.2)
    mime-types (2.99)
    minitest (5.8.3)
    multi_xml (0.5.5)
    multipart-post (2.0.0)
    naught (1.1.0)
    netrc (0.11.0)
    octokit (4.2.0)
      sawyer (~> 0.6.0, >= 0.5.3)
    plist (3.1.0)
    pry (0.10.3)
      coderay (~> 1.1.0)
      method_source (~> 0.8.1)
      slop (~> 3.4)
    rack (1.6.4)
    rake (10.4.2)
    redis (3.2.2)
    redis-namespace (1.5.2)
      redis (~> 3.0, >= 3.0.4)
    rest-client (1.8.0)
      http-cookie (>= 1.0.2, < 2.0)
      mime-types (>= 1.16, < 3.0)
      netrc (~> 0.7)
    ruboty (1.2.2)
      activesupport
      bundler
      dotenv
      mem
      slop
    ruboty-alias (0.0.8)
      ruboty (>= 1.1.1)
    ruboty-app_annie (0.0.2)
      anego
      ruboty
    ruboty-cron (1.1.0)
      activesupport
      chrono
      ruboty (>= 0.2.0)
    ruboty-echo (0.1.0)
      ruboty
    ruboty-github (0.2.0)
      activesupport
      octokit
      ruboty
    ruboty-gitlab (0.0.3)
      gitlab
      ruboty
    ruboty-google_image (0.1.0)
      faraday
      faraday_middleware
      ruboty
    ruboty-redis (0.0.6)
      redis
      redis-namespace
      ruboty
    ruboty-replace (0.0.1)
      ruboty
    ruboty-ruby (0.0.2)
      ruboty
    ruboty-slack (0.1.12)
      ruboty (>= 1.0.4)
      xrc (>= 0.1.8)
    ruboty-talk (0.0.5)
      docomoru (>= 0.0.3)
      ruboty (>= 1.1.0)
    sawyer (0.6.0)
      addressable (~> 2.3.5)
      faraday (~> 0.8, < 0.10)
    security (0.1.3)
    simple_oauth (0.3.1)
    slop (3.6.0)
    spaceship (0.15.2)
      colored
      credentials_manager (>= 0.9.0)
      faraday (~> 0.9)
      faraday-cookie_jar (~> 0.0.6)
      faraday_middleware (~> 0.9)
      fastimage (~> 1.6)
      multi_xml (~> 0.5)
      plist (~> 3.1)
      pry
    terminal-table (1.5.2)
    thread_safe (0.3.5)
    twitter (5.15.0)
      addressable (~> 2.3)
      buftok (~> 0.2.0)
      equalizer (= 0.0.10)
      faraday (~> 0.9.0)
      http (>= 0.4, < 0.10)
      http_parser.rb (~> 0.6.0)
      json (~> 1.8)
      memoizable (~> 0.4.0)
      naught (~> 1.0)
      simple_oauth (~> 0.3.0)
    tzinfo (1.2.2)
      thread_safe (~> 0.1)
    unf (0.1.4)
      unf_ext
    unf_ext (0.0.7.1)
    xrc (0.1.8)
      activesupport

PLATFORMS
  ruby

DEPENDENCIES
  rake
  ruboty-alias
  ruboty-app_annie
  ruboty-cron
  ruboty-echo
  ruboty-github
  ruboty-gitlab
  ruboty-google_image
  ruboty-itc!
  ruboty-jenkins!
  ruboty-redis
  ruboty-replace
  ruboty-ruby
  ruboty-slack
  ruboty-talk
  ruboty-twitter_search!

BUNDLED WITH
   1.11.2
